GEM
  remote: https://rubygems.org/
  specs:
    feedbag (0.10.1)
      nokogiri (~> 1.8, >= 1.8.2)
      open_uri_redirections (~> 0.2)
    nokogiri (1.11.2-x86_64-linux)
      racc (~> 1.4)
    open_uri_redirections (0.2.1)
    racc (1.5.2)

PLATFORMS
  x86_64-linux

DEPENDENCIES
  feedbag (~> 0.10.1)

RUBY VERSION
   ruby 3.0.0p0

BUNDLED WITH
   2.2.15
